PATH
  remote: .
  specs:
    reactive_resource (0.7.3)
      activeresource (>= 3.1)
      activesupport (>= 3.1)

GEM
  remote: https://rubygems.org/
  specs:
    activemodel (7.0.4.1)
      activesupport (= 7.0.4.1)
    activemodel-serializers-xml (1.0.2)
      activemodel (> 5.x)
      activesupport (> 5.x)
      builder (~> 3.1)
    activeresource (6.0.0)
      activemodel (>= 6.0)
      activemodel-serializers-xml (~> 1.0)
      activesupport (>= 6.0)
    activesupport (7.0.4.1)
      concurrent-ruby (~> 1.0, >= 1.0.2)
      i18n (>= 1.6, < 2)
      minitest (>= 5.1)
      tzinfo (~> 2.0)
    addressable (2.2.2)
    builder (3.2.4)
    concurrent-ruby (1.1.10)
    crack (0.1.8)
    i18n (1.12.0)
      concurrent-ruby (~> 1.0)
    json (1.7.7)
    minitest (5.17.0)
    rake (0.9.2)
    rdoc (3.12.1)
      json (~> 1.4)
    shoulda (2.11.3)
    tzinfo (2.0.5)
      concurrent-ruby (~> 1.0)
    webmock (1.6.2)
      addressable (>= 2.2.2)
      crack (>= 0.1.7)

PLATFORMS
  ruby

DEPENDENCIES
  rake
  rdoc
  reactive_resource!
  shoulda (~> 2.11.3)
  webmock (~> 1.6.1)
