PATH
  remote: .
  specs:
    reactive_resource (0.7.3)
      activeresource (>= 3.1)
      activesupport (>= 3.1)

GEM
  remote: https://rubygems.org/
  specs:
    activemodel (3.2.12)
      activesupport (= 3.2.12)
      builder (~> 3.0.0)
    activeresource (3.2.12)
      activemodel (= 3.2.12)
      activesupport (= 3.2.12)
    activesupport (3.2.12)
      i18n (~> 0.6)
      multi_json (~> 1.0)
    addressable (2.2.2)
    builder (3.0.4)
    crack (0.1.8)
    i18n (0.6.4)
    multi_json (1.6.1)
    rake (0.9.2)
    rdoc (6.3.2)
    shoulda (2.11.3)
    webmock (1.6.2)
      addressable (>= 2.2.2)
      crack (>= 0.1.7)

PLATFORMS
  ruby

DEPENDENCIES
  rake
  rdoc
  reactive_resource!
  shoulda (~> 2.11.3)
  webmock (~> 1.6.1)
